GIT
  remote: https://github.com/attn/terraforming-cloudflare.git
  revision: f804186b997245acaaba9f2c1d76c0bc1993fc11
  specs:
    terraforming-cloudflare (0.2.0)
      httpclient
      terraforming
      thor

GEM
  remote: https://rubygems.org/
  specs:
    aws-sdk (2.6.26)
      aws-sdk-resources (= 2.6.26)
    aws-sdk-core (2.6.26)
      aws-sigv4 (~> 1.0)
      jmespath (~> 1.0)
    aws-sdk-resources (2.6.26)
      aws-sdk-core (= 2.6.26)
    aws-sdk-v1 (1.66.0)
      json (~> 1.4)
      nokogiri (>= 1.4.4)
    aws-sigv4 (1.0.0)
    httpclient (2.8.2.4)
    jmespath (1.3.1)
    json (1.8.3)
    mini_portile2 (2.1.0)
    multi_json (1.12.1)
    nokogiri (1.6.8.1)
      mini_portile2 (~> 2.1.0)
    terraforming (0.11.0)
      aws-sdk (~> 2.6.1)
      multi_json (~> 1.12.1)
      thor
    thor (0.19.1)

PLATFORMS
  ruby

DEPENDENCIES
  aws-sdk-v1
  terraforming
  terraforming-cloudflare!

BUNDLED WITH
   1.13.6
