GEM
  remote: https://rubygems.org/
  specs:
    aws-sdk (2.9.38)
      aws-sdk-resources (= 2.9.38)
    aws-sdk-core (2.9.38)
      aws-sigv4 (~> 1.0)
      jmespath (~> 1.0)
    aws-sdk-resources (2.9.38)
      aws-sdk-core (= 2.9.38)
    aws-sdk-v1 (1.67.0)
      json (~> 1.4)
      nokogiri (~> 1)
    aws-sigv4 (1.0.0)
    jmespath (1.3.1)
    json (1.8.6)
    mini_portile2 (2.2.0)
    multi_json (1.12.1)
    nokogiri (1.8.0)
      mini_portile2 (~> 2.2.0)
    terraforming (0.13.2)
      aws-sdk (~> 2.9.6)
      multi_json (~> 1.12.1)
      thor
    thor (0.19.4)

PLATFORMS
  ruby

DEPENDENCIES
  aws-sdk-v1
  terraforming

BUNDLED WITH
   1.15.1
